PATH
  remote: .
  specs:
    bson_crypt (0.0.1)
      bson

GEM
  remote: http://rubygems.org/
  specs:
    bson (1.6.1)
    diff-lcs (1.1.3)
    rspec (2.9.0)
      rspec-core (~> 2.9.0)
      rspec-expectations (~> 2.9.0)
      rspec-mocks (~> 2.9.0)
    rspec-core (2.9.0)
    rspec-expectations (2.9.0)
      diff-lcs (~> 1.1.3)
    rspec-mocks (2.9.0)

PLATFORMS
  ruby

DEPENDENCIES
  bson_crypt!
  rspec
  rspec-mocks
